GEM
  remote: https://www.rubygems.org/
  specs:
    addressable (2.3.2)
    chunky_png (1.2.7)
    compass (0.12.2)
      chunky_png (~> 1.2)
      fssm (>= 0.2.7)
      sass (~> 3.1)
    css_parser (1.2.6)
      addressable
      rdoc
    diff-lcs (1.1.3)
    erubis (2.7.0)
    fssm (0.2.9)
    haml (3.1.7)
    json (1.7.6)
    nokogiri (1.5.6)
    nokogiri (1.5.6-x86-mingw32)
    rdoc (3.12)
      json (~> 1.4)
    rspec (2.12.0)
      rspec-core (~> 2.12.0)
      rspec-expectations (~> 2.12.0)
      rspec-mocks (~> 2.12.0)
    rspec-core (2.12.2)
    rspec-expectations (2.12.1)
      diff-lcs (~> 1.1.3)
    rspec-mocks (2.12.1)
    sass (3.2.5)

PLATFORMS
  ruby
  x86-mingw32

DEPENDENCIES
  compass
  css_parser
  erubis
  haml
  nokogiri
  rspec
  sass
